GIT
  remote: git://github.com/refinery/refinerycms-i18n.git
  revision: 2cb973178a6756918161113435bd00d248fd17e3
  branch: master
  specs:
    refinerycms-i18n (3.0.0.dev)
      rails-i18n (~> 4.0.1)
      routing-filter (>= 0.4.0.dev)

GIT
  remote: git://github.com/refinery/refinerycms-settings.git
  revision: a99654ee7dd48ed4c7cde8d438e8be1338a1cb63
  branch: master
  specs:
    refinerycms-settings (3.0.0.dev)
      friendly_id (~> 5.0.1)
      refinerycms-core (~> 3.0.0.dev)

GIT
  remote: git://github.com/refinery/refinerycms.git
  revision: 5d2de24afe0eb9aee819576658f6d5831bdc7938
  branch: master
  specs:
    refinerycms (3.0.0.dev)
      bundler (>= 1.2.2, < 2.0)
      refinerycms-authentication (= 3.0.0.dev)
      refinerycms-core (= 3.0.0.dev)
      refinerycms-dashboard (= 3.0.0.dev)
      refinerycms-images (= 3.0.0.dev)
      refinerycms-pages (= 3.0.0.dev)
      refinerycms-resources (= 3.0.0.dev)
    refinerycms-authentication (3.0.0.dev)
      actionmailer (>= 3.1.11, < 4.1)
      devise (~> 3.0.2)
      friendly_id (>= 5.0.0.rc1)
      refinerycms-core (= 3.0.0.dev)
    refinerycms-core (3.0.0.dev)
      actionpack (>= 3.1.11, < 4.1)
      activerecord (>= 3.1.11, < 4.1)
      awesome_nested_set (~> 3.0.0.rc.3)
      coffee-rails (~> 4.0.0)
      decorators (~> 1.0.0)
      jquery-rails (>= 2.3.0)
      jquery-ui-rails (~> 4.1.1)
      railties (>= 3.1.11, < 4.1)
      refinerycms-i18n (~> 3.0.0.dev)
      sass-rails (~> 4.0.0)
      truncate_html (~> 0.9)
      will_paginate (~> 3.0.2)
    refinerycms-dashboard (3.0.0.dev)
      refinerycms-core (= 3.0.0.dev)
    refinerycms-images (3.0.0.dev)
      dragonfly (~> 1.0.0)
      dragonfly-s3_data_store (~> 1.0.0)
      refinerycms-core (= 3.0.0.dev)
    refinerycms-pages (3.0.0.dev)
      awesome_nested_set (~> 3.0.0.rc.1)
      babosa (!= 0.3.6)
      friendly_id (~> 5.0.1)
      globalize (~> 4.0.0)
      refinerycms-core (= 3.0.0.dev)
      seo_meta (~> 2.0.0.rc.1)
    refinerycms-resources (3.0.0.dev)
      acts_as_indexed (~> 0.8.0)
      dragonfly (~> 1.0.0)
      dragonfly-s3_data_store (~> 1.0.0)
      refinerycms-core (= 3.0.0.dev)

GIT
  remote: git://github.com/seyhunak/twitter-bootstrap-rails.git
  revision: 128f373e151528c9516ea8df32831fc60ac1c35d
  branch: bootstrap3
  specs:
    twitter-bootstrap-rails (3.1.1)
      actionpack (>= 3.1)
      execjs
      rails (>= 3.1)
      railties (>= 3.1)

GEM
  remote: https://rubygems.org/
  specs:
    actionmailer (4.0.4)
      actionpack (= 4.0.4)
      mail (~> 2.5.4)
    actionpack (4.0.4)
      activesupport (= 4.0.4)
      builder (~> 3.1.0)
      erubis (~> 2.7.0)
      rack (~> 1.5.2)
      rack-test (~> 0.6.2)
    activemodel (4.0.4)
      activesupport (= 4.0.4)
      builder (~> 3.1.0)
    activerecord (4.0.4)
      activemodel (= 4.0.4)
      activerecord-deprecated_finders (~> 1.0.2)
      activesupport (= 4.0.4)
      arel (~> 4.0.0)
    activerecord-deprecated_finders (1.0.3)
    activesupport (4.0.4)
      i18n (~> 0.6, >= 0.6.9)
      minitest (~> 4.2)
      multi_json (~> 1.3)
      thread_safe (~> 0.1)
      tzinfo (~> 0.3.37)
    acts_as_indexed (0.8.3)
    arel (4.0.2)
    awesome_nested_set (3.0.0.rc.3)
      activerecord (>= 4.0.0, < 5)
    babosa (0.3.11)
    bcrypt (3.1.7)
    bcrypt-ruby (3.1.5)
      bcrypt (>= 3.1.3)
    builder (3.1.4)
    coffee-rails (4.0.1)
      coffee-script (>= 2.2.0)
      railties (>= 4.0.0, < 5.0)
    coffee-script (2.2.0)
      coffee-script-source
      execjs
    coffee-script-source (1.7.0)
    commonjs (0.2.7)
    decorators (1.0.3)
      railties (>= 3.0.19, != 3.2.9, != 3.2.8, != 3.2.7, != 3.2.6, != 3.2.5, != 3.2.4, != 3.2.3, != 3.2.2, != 3.2.10, != 3.2.1, != 3.2.0, != 3.1.9, != 3.1.8, != 3.1.7, != 3.1.6, != 3.1.5, != 3.1.4, != 3.1.3, != 3.1.2, != 3.1.1, != 3.1.0)
    devise (3.0.4)
      bcrypt-ruby (~> 3.0)
      orm_adapter (~> 0.1)
      railties (>= 3.2.6, < 5)
      warden (~> 1.2.3)
    dragonfly (1.0.4)
      multi_json (~> 1.0)
      rack
    dragonfly-s3_data_store (1.0.4)
      dragonfly (~> 1.0)
      fog
    erubis (2.7.0)
    excon (0.33.0)
    execjs (2.0.2)
    fog (1.22.0)
      fog-brightbox
      fog-core (~> 1.21, >= 1.21.1)
      fog-json
      nokogiri (~> 1.5, >= 1.5.11)
    fog-brightbox (0.0.2)
      fog-core
      fog-json
    fog-core (1.22.0)
      builder
      excon (~> 0.33)
      formatador (~> 0.2)
      mime-types
      net-scp (~> 1.1)
      net-ssh (>= 2.1.3)
    fog-json (1.0.0)
      multi_json (~> 1.0)
    formatador (0.2.4)
    friendly_id (5.0.3)
      activerecord (>= 4.0.0)
    globalize (4.0.1)
      activemodel (>= 4.0.0, < 5)
      activerecord (>= 4.0.0, < 5)
    hike (1.2.3)
    i18n (0.6.9)
    jbuilder (1.5.3)
      activesupport (>= 3.0.0)
      multi_json (>= 1.2.0)
    jquery-easing-rails (0.0.1)
      railties (>= 3.1.0)
    jquery-rails (3.1.0)
      railties (>= 3.0, < 5.0)
      thor (>= 0.14, < 2.0)
    jquery-ui-rails (4.1.2)
      railties (>= 3.1.0)
    json (1.8.1)
    less (2.5.0)
      commonjs (~> 0.2.7)
    less-rails (2.5.0)
      actionpack (>= 3.1)
      less (~> 2.5.0)
    libv8 (3.16.14.3)
    magnific-popup-rails (0.9.9)
    mail (2.5.4)
      mime-types (~> 1.16)
      treetop (~> 1.4.8)
    masonry-rails (0.2.1)
      rails
    mime-types (1.25.1)
    mini_portile (0.5.3)
    minitest (4.7.5)
    modernizr-rails (2.7.1)
    multi_json (1.9.2)
    net-scp (1.2.0)
      net-ssh (>= 2.6.5)
    net-ssh (2.8.0)
    nokogiri (1.6.1)
      mini_portile (~> 0.5.0)
    orm_adapter (0.5.0)
    owlcarousel-rails (1.1.3.2)
      jquery-rails
    pg (0.17.1)
    polyglot (0.3.4)
    rack (1.5.2)
    rack-test (0.6.2)
      rack (>= 1.0)
    rails (4.0.4)
      actionmailer (= 4.0.4)
      actionpack (= 4.0.4)
      activerecord (= 4.0.4)
      activesupport (= 4.0.4)
      bundler (>= 1.3.0, < 2.0)
      railties (= 4.0.4)
      sprockets-rails (~> 2.0.0)
    rails-i18n (4.0.2)
      i18n (~> 0.6)
      rails (>= 4.0)
    railties (4.0.4)
      actionpack (= 4.0.4)
      activesupport (= 4.0.4)
      rake (>= 0.8.7)
      thor (>= 0.18.1, < 2.0)
    rake (10.3.1)
    rdoc (4.1.1)
      json (~> 1.4)
    ref (1.0.5)
    routing-filter (0.4.0.pre)
      actionpack
    sass (3.2.19)
    sass-rails (4.0.3)
      railties (>= 4.0.0, < 5.0)
      sass (~> 3.2.0)
      sprockets (~> 2.8, <= 2.11.0)
      sprockets-rails (~> 2.0)
    sdoc (0.4.0)
      json (~> 1.8)
      rdoc (~> 4.0, < 5.0)
    seed_dump (3.1.0)
      activerecord
      activesupport
    seo_meta (2.0.0.rc.1)
      railties (>= 3.0.0)
    sprockets (2.11.0)
      hike (~> 1.2)
      multi_json (~> 1.0)
      rack (~> 1.0)
      tilt (~> 1.1, != 1.3.0)
    sprockets-rails (2.0.1)
      actionpack (>= 3.0)
      activesupport (>= 3.0)
      sprockets (~> 2.8)
    sqlite3 (1.3.9)
    therubyracer (0.12.1)
      libv8 (~> 3.16.14.0)
      ref
    thor (0.19.1)
    thread_safe (0.3.3)
    tilt (1.4.1)
    treetop (1.4.15)
      polyglot
      polyglot (>= 0.3.1)
    truncate_html (0.9.2)
    tzinfo (0.3.39)
    uglifier (2.5.0)
      execjs (>= 0.3.0)
      json (>= 1.8.0)
    warden (1.2.3)
      rack (>= 1.0)
    will_paginate (3.0.5)

PLATFORMS
  ruby

DEPENDENCIES
  coffee-rails (~> 4.0.0)
  fog
  jbuilder (~> 1.2)
  jquery-easing-rails
  jquery-rails
  less-rails
  magnific-popup-rails
  masonry-rails
  modernizr-rails
  owlcarousel-rails
  pg
  rails (= 4.0.4)
  refinerycms!
  refinerycms-i18n!
  refinerycms-settings!
  sass-rails (~> 4.0.2)
  sdoc
  seed_dump
  sqlite3
  therubyracer
  twitter-bootstrap-rails!
  uglifier (>= 1.3.0)
